PATH
  remote: .
  specs:
    hts (0.1.0)
      faraday (~> 0.9)
      faraday_middleware (~> 0.14.0)

GEM
  remote: https://rubygems.org/
  specs:
    diff-lcs (1.4.4)
    faraday (0.17.4)
      multipart-post (>= 1.2, < 3)
    faraday_middleware (0.14.0)
      faraday (>= 0.7.4, < 1.0)
    io-console (0.5.9)
    irb (1.3.7)
      reline (>= 0.2.7)
    multipart-post (2.1.1)
    rake (13.0.6)
    reline (0.2.7)
      io-console (~> 0.5)
    rspec (3.10.0)
      rspec-core (~> 3.10.0)
      rspec-expectations (~> 3.10.0)
      rspec-mocks (~> 3.10.0)
    rspec-core (3.10.1)
      rspec-support (~> 3.10.0)
    rspec-expectations (3.10.1)
      diff-lcs (>= 1.2.0, < 2.0)
      rspec-support (~> 3.10.0)
    rspec-mocks (3.10.2)
      diff-lcs (>= 1.2.0, < 2.0)
      rspec-support (~> 3.10.0)
    rspec-support (3.10.2)

PLATFORMS
  x86_64-linux

DEPENDENCIES
  hts!
  irb
  rake (~> 13.0)
  rspec (~> 3.0)

BUNDLED WITH
   2.2.26
